GEM
  remote: https://rubygems.org/
  remote: http://gems.datadoghq.com/prerelease/
  specs:
    ddtrace (0.43.0.feature.profiling.98496)
      msgpack
    ffi (1.13.1)
    google-protobuf (3.14.0-x86_64-linux)
    msgpack (1.3.3)

PLATFORMS
  ruby

DEPENDENCIES
  ddtrace (= 0.43.0.feature.profiling.98496)!
  ffi!
  google-protobuf!

BUNDLED WITH
   2.1.4
