PATH
  remote: /vendor/dd-trace-rb
  specs:
    ddtrace (0.43.0)
      msgpack

GEM
  remote: https://rubygems.org/
  specs:
    binding_of_caller (0.8.0)
      debug_inspector (>= 0.0.1)
    coderay (1.1.2)
    debug_inspector (0.0.3)
    dogstatsd-ruby (4.5.0)
    ffi (1.14.2)
    google-protobuf (3.14.0)
    method_source (0.9.2)
    msgpack (1.3.3)
    pry (0.12.2)
      coderay (~> 1.1.0)
      method_source (~> 0.9.0)
    pry-stack_explorer (0.4.9.3)
      binding_of_caller (>= 0.7)
      pry (>= 0.9.11)
    rack (2.0.7)

PLATFORMS
  ruby

DEPENDENCIES
  ddtrace!
  dogstatsd-ruby!
  ffi!
  google-protobuf!
  pry-stack_explorer!
  rack!

BUNDLED WITH
   2.0.2
