PATH
  remote: /vendor/dd-trace-rb
  specs:
    ddtrace (0.39.0)
      msgpack

GEM
  remote: https://rubygems.org/
  specs:
    coderay (1.1.3)
    ffi (1.13.1)
    google-protobuf (3.12.4)
    method_source (1.0.0)
    msgpack (1.3.3)
    mustermann (1.1.1)
      ruby2_keywords (~> 0.0.1)
    nio4r (2.5.2)
    pry (0.13.1)
      coderay (~> 1.1)
      method_source (~> 1.0)
    puma (4.3.5)
      nio4r (~> 2.0)
    rack (2.2.3)
    rack-protection (2.0.8.1)
      rack
    redis (4.2.1)
    ruby2_keywords (0.0.2)
    sequel (5.35.0)
    sinatra (2.0.8.1)
      mustermann (~> 1.0)
      rack (~> 2.0)
      rack-protection (= 2.0.8.1)
      tilt (~> 2.0)
    sqlite3 (1.4.2)
    tilt (2.0.10)

PLATFORMS
  ruby

DEPENDENCIES
  ddtrace!
  ffi!
  google-protobuf!
  pry!
  puma!
  redis!
  sequel!
  sinatra!
  sqlite3!

BUNDLED WITH
   2.1.4
